GIT
  remote: git://github.com/pbruna/ruby-zimbra.git
  revision: 75e58b24f1216412ab5d33b5360f1cdf09a397c2
  branch: master
  specs:
    zimbra (0.0.7.9)
      curb
      handsoap
      nokogiri

GEM
  remote: https://rubygems.org/
  specs:
    ansi (1.5.0)
    backports (3.6.5)
    builder (3.2.2)
    coderay (1.1.0)
    curb (0.8.8)
    handsoap (1.4.0)
    httpclient (2.6.0.1)
    macaddr (1.7.1)
      systemu (~> 2.6.2)
    method_source (0.8.2)
    mini_portile (0.6.2)
    minitest (5.7.0)
    minitest-reporters (1.0.19)
      ansi
      builder
      minitest (>= 5.0)
      ruby-progressbar
    multi_json (1.11.2)
    nokogiri (1.6.6.2)
      mini_portile (~> 0.6.0)
    pry (0.10.1)
      coderay (~> 1.1.0)
      method_source (~> 0.8.1)
      slop (~> 3.4)
    rack (1.6.4)
    rack-protection (1.5.3)
      rack
    rack-test (0.6.3)
      rack (>= 1.0)
    rake (10.4.2)
    ruby-progressbar (1.7.5)
    sinatra (1.4.6)
      rack (~> 1.4)
      rack-protection (~> 1.4)
      tilt (>= 1.3, < 3)
    sinatra-contrib (1.4.6)
      backports (>= 2.0)
      multi_json
      rack-protection
      rack-test
      sinatra (~> 1.4.0)
      tilt (>= 1.3, < 3)
    slop (3.6.0)
    systemu (2.6.5)
    tilt (2.0.1)
    uuid (2.3.8)
      macaddr (~> 1.0)

PLATFORMS
  ruby

DEPENDENCIES
  httpclient
  minitest-reporters
  pry
  rack-test
  rake
  sinatra
  sinatra-contrib
  uuid
  zimbra!
