GIT
  remote: git://github.com/pbruna/ruby-zimbra.git
  revision: 9a19815d1ac673d39909671678761efb3843307f
  branch: master
  specs:
    zimbra-soap-api (0.7.11)
      curb
      handsoap
      nokogiri

PATH
  remote: .
  specs:
    zimbra-rest-api (0.1.8)
      httpclient (~> 2.6)
      sinatra (~> 1.4)
      sinatra-contrib (~> 1.4)
      uuid (~> 2.3)
      zimbra-soap-api (~> 0.7)

GEM
  remote: https://rubygems.org/
  specs:
    ansi (1.5.0)
    backports (3.6.6)
    builder (3.2.2)
    coderay (1.1.0)
    curb (0.8.8)
    handsoap (1.4.0)
    httpclient (2.6.0.1)
    macaddr (1.7.1)
      systemu (~> 2.6.2)
    method_source (0.8.2)
    mini_portile (0.6.2)
    minitest (5.7.0)
    minitest-reporters (1.0.19)
      ansi
      builder
      minitest (>= 5.0)
      ruby-progressbar
    multi_json (1.11.2)
    nokogiri (1.6.6.2)
      mini_portile (~> 0.6.0)
    pry (0.10.1)
      coderay (~> 1.1.0)
      method_source (~> 0.8.1)
      slop (~> 3.4)
    rack (1.6.4)
    rack-protection (1.5.3)
      rack
    rack-test (0.6.3)
      rack (>= 1.0)
    rake (10.4.2)
    ruby-progressbar (1.7.5)
    sinatra (1.4.6)
      rack (~> 1.4)
      rack-protection (~> 1.4)
      tilt (>= 1.3, < 3)
    sinatra-contrib (1.4.6)
      backports (>= 2.0)
      multi_json
      rack-protection
      rack-test
      sinatra (~> 1.4.0)
      tilt (>= 1.3, < 3)
    slop (3.6.0)
    systemu (2.6.5)
    tilt (2.0.1)
    uuid (2.3.8)
      macaddr (~> 1.0)

PLATFORMS
  ruby

DEPENDENCIES
  bundler (~> 1.9)
  minitest-reporters (~> 1.0, >= 1.0.19)
  pry (~> 0.10)
  rake (~> 10.0)
  zimbra-rest-api!
  zimbra-soap-api!
